GEM
  remote: https://rubygems.org/
  specs:
    ast (2.4.0)
    bacon (1.2.0)
    cmdparse (3.0.4)
    ffi (1.11.1)
    jaro_winkler (1.5.3)
    liquid (4.0.3)
    listen (3.1.5)
      rb-fsevent (~> 0.9, >= 0.9.4)
      rb-inotify (~> 0.9, >= 0.9.7)
      ruby_dep (~> 1.2)
    parallel (1.17.0)
    parser (2.6.3.0)
      ast (~> 2.4.0)
    rainbow (3.0.0)
    rb-fsevent (0.10.3)
    rb-inotify (0.10.0)
      ffi (~> 1.0)
    redcarpet (3.5.0)
    rubocop (0.74.0)
      jaro_winkler (~> 1.5.1)
      parallel (~> 1.10)
      parser (>= 2.6)
      rainbow (>= 2.2.2, < 4.0)
      ruby-progressbar (~> 1.7)
      unicode-display_width (>= 1.4.0, < 1.7)
    ruby-progressbar (1.10.1)
    ruby_dep (1.5.0)
    unicode-display_width (1.6.0)
    webrick (1.4.2)
    webrick-websocket (0.0.2)
      webrick (~> 1.3)

PLATFORMS
  ruby

DEPENDENCIES
  bacon!
  cmdparse!
  liquid!
  listen!
  redcarpet!
  rubocop!
  webrick-websocket!

BUNDLED WITH
   1.17.2
